PATH
  remote: .
  specs:
    zipcodeservices (0.0.4)
      multi_xml (~> 0.5)
      nokogiri (~> 1.6)
      typhoeus (= 0.3.3)

GEM
  remote: http://rubygems.org/
  specs:
    celluloid (0.15.2)
      timers (~> 1.1.0)
    coderay (1.1.0)
    diff-lcs (1.2.5)
    ffi (1.10.0)
    formatador (0.2.5)
    guard (2.6.1)
      formatador (>= 0.2.4)
      listen (~> 2.7)
      lumberjack (~> 1.0)
      pry (>= 0.9.12)
      thor (>= 0.18.1)
    guard-rspec (4.3.1)
      guard (~> 2.1)
      rspec (>= 2.14, < 4.0)
    listen (2.7.9)
      celluloid (>= 0.15.2)
      rb-fsevent (>= 0.9.3)
      rb-inotify (>= 0.9)
    lumberjack (1.0.9)
    method_source (0.8.2)
    mime-types (2.3)
    mini_portile (0.6.0)
    multi_xml (0.5.5)
    nokogiri (1.6.3.1)
      mini_portile (= 0.6.0)
    pry (0.10.1)
      coderay (~> 1.1.0)
      method_source (~> 0.8.1)
      slop (~> 3.4)
    rb-fsevent (0.9.4)
    rb-inotify (0.9.5)
      ffi (>= 0.5.0)
    rspec (2.99.0)
      rspec-core (~> 2.99.0)
      rspec-expectations (~> 2.99.0)
      rspec-mocks (~> 2.99.0)
    rspec-core (2.99.2)
    rspec-expectations (2.99.2)
      diff-lcs (>= 1.1.3, < 2.0)
    rspec-mocks (2.99.2)
    slop (3.6.0)
    thor (0.19.1)
    timers (1.1.0)
    typhoeus (0.3.3)
      mime-types
    vcr (2.9.2)

PLATFORMS
  ruby

DEPENDENCIES
  guard-rspec (~> 4.2)
  rspec (~> 2.13)
  vcr (~> 2.4)
  zipcodeservices!
